GEM
  remote: https://rubygems.org/
  specs:
    Ascii85 (1.0.3)
    activesupport (6.1.7.1)
      concurrent-ruby (~> 1.0, >= 1.0.2)
      i18n (>= 1.6, < 2)
      minitest (>= 5.1)
      tzinfo (~> 2.0)
      zeitwerk (~> 2.3)
    afm (0.2.2)
    concurrent-ruby (1.1.10)
    hashery (2.1.2)
    i18n (1.12.0)
      concurrent-ruby (~> 1.0)
    minitest (5.17.0)
    pdf-reader (2.4.0)
      Ascii85 (~> 1.0.0)
      afm (~> 0.2.1)
      hashery (~> 2.0)
      ruby-rc4
      ttfunk
    ruby-rc4 (0.1.5)
    ttfunk (1.6.2.1)
    tzinfo (2.0.5)
      concurrent-ruby (~> 1.0)
    zeitwerk (2.6.6)

PLATFORMS
  ruby

DEPENDENCIES
  activesupport
  pdf-reader

BUNDLED WITH
   2.2.5
