GEM
  remote: https://rubygems.org/
  specs:
    Ascii85 (1.0.3)
    afm (0.2.2)
    hashery (2.1.2)
    pdf-reader (2.4.0)
      Ascii85 (~> 1.0.0)
      afm (~> 0.2.1)
      hashery (~> 2.0)
      ruby-rc4
      ttfunk
    ruby-rc4 (0.1.5)
    ttfunk (1.6.2.1)

PLATFORMS
  ruby

DEPENDENCIES
  pdf-reader

BUNDLED WITH
   2.1.4
